GEM
  remote: https://rubygems.org/
  specs:
    addressable (2.8.0)
      public_suffix (>= 2.0.2, < 5.0)
    autodiscover (1.0.2)
      httpclient
      logging
      nokogiri
      nori
    curb (0.9.3)
    dotenv (2.2.1)
    exchange-offline-address-book (0.0.23)
      autodiscover (~> 1)
      curb (~> 0.9)
      hashie
      libmspack (~> 0.1)
      nokogiri (~> 1.8)
    faraday (1.5.0)
      faraday-em_http (~> 1.0)
      faraday-em_synchrony (~> 1.0)
      faraday-excon (~> 1.1)
      faraday-httpclient (~> 1.0.1)
      faraday-net_http (~> 1.0)
      faraday-net_http_persistent (~> 1.1)
      faraday-patron (~> 1.0)
      multipart-post (>= 1.2, < 3)
      ruby2_keywords (>= 0.0.4)
    faraday-em_http (1.0.0)
    faraday-em_synchrony (1.0.0)
    faraday-excon (1.1.0)
    faraday-httpclient (1.0.1)
    faraday-net_http (1.0.1)
    faraday-net_http_persistent (1.1.0)
    faraday-patron (1.0.0)
    ffi (1.9.18)
    ffi-compiler2 (2.0.0)
      ffi (>= 1.0.0)
      rake
    hashie (3.5.5)
    httparty (0.15.5)
      multi_xml (>= 0.5.2)
    httpclient (2.8.3)
    jwt (2.2.3)
    libmspack (0.1.0)
      ffi
      ffi-compiler2 (>= 2.0.0)
    little-plugger (1.1.4)
    logging (2.2.2)
      little-plugger (~> 1.1)
      multi_json (~> 1.10)
    mime-types (3.1)
      mime-types-data (~> 3.2015)
    mime-types-data (3.2016.0521)
    mini_portile2 (2.2.0)
    multi_json (1.15.0)
    multi_xml (0.6.0)
    multipart-post (2.1.1)
    nokogiri (1.8.0)
      mini_portile2 (~> 2.2.0)
    nori (2.6.0)
    ox (2.5.0)
    phonelib (0.6.12)
    public_suffix (4.0.6)
    rake (12.0.0)
    ruby2_keywords (0.0.4)
    signet (0.15.0)
      addressable (~> 2.3)
      faraday (>= 0.17.3, < 2.0)
      jwt (>= 1.5, < 3.0)
      multi_json (~> 1.10)

PLATFORMS
  ruby

DEPENDENCIES
  dotenv
  exchange-offline-address-book
  hashie
  httparty
  mime-types
  nokogiri
  ox
  phonelib
  signet (>= 0.7.3)

BUNDLED WITH
   1.17.3
